GEM
  remote: https://rubygems.org/
  specs:
    coderay (1.1.0)
    cuba (3.4.0)
      rack
    method_source (0.8.2)
    ocra (1.3.6)
    pry (0.9.12.6)
      coderay (~> 1.0)
      method_source (~> 0.8)
      slop (~> 3.4)
    rack (1.6.4)
    rake (0.9.2.2)
    slop (3.6.0)
    tilt (2.0.1)
    writeexcel (1.0.5)

PLATFORMS
  ruby

DEPENDENCIES
  cuba
  ocra
  pry
  rake
  tilt
  writeexcel
