GEM
  remote: https://rubygems.org/
  specs:
    cuba (3.4.0)
      rack
    rack (1.6.4)
    rake (10.4.2)
    tilt (2.0.1)
    writeexcel (1.0.5)

PLATFORMS
  ruby

DEPENDENCIES
  cuba
  rake
  tilt
  writeexcel

RUBY VERSION
   ruby 2.2.2p95

BUNDLED WITH
   1.13.6
